PATH
  remote: .
  specs:
    kuby-gke (0.1.0)
      gke-auth-plugin-rb (~> 0.1)
      google-cloud-container (~> 1.3)
      kube-dsl (~> 0.7)
      kubernetes-cli (~> 0.5)

GEM
  remote: https://rubygems.org/
  specs:
    actionpack (7.0.5)
      actionview (= 7.0.5)
      activesupport (= 7.0.5)
      rack (~> 2.0, >= 2.2.4)
      rack-test (>= 0.6.3)
      rails-dom-testing (~> 2.0)
      rails-html-sanitizer (~> 1.0, >= 1.2.0)
    actionview (7.0.5)
      activesupport (= 7.0.5)
      builder (~> 3.1)
      erubi (~> 1.4)
      rails-dom-testing (~> 2.0)
      rails-html-sanitizer (~> 1.1, >= 1.2.0)
    activesupport (7.0.5)
      concurrent-ruby (~> 1.0, >= 1.0.2)
      i18n (>= 1.6, < 2)
      minitest (>= 5.1)
      tzinfo (~> 2.0)
    addressable (2.8.4)
      public_suffix (>= 2.0.2, < 6.0)
    builder (3.2.4)
    colorize (0.8.1)
    concurrent-ruby (1.2.2)
    crass (1.0.6)
    debug (1.8.0)
      irb (>= 1.5.0)
      reline (>= 0.3.1)
    diff-lcs (1.5.0)
    docker-remote (0.8.0)
    domain_name (0.5.20190701)
      unf (>= 0.0.5, < 1.0.0)
    dry-inflector (0.3.0)
    ejson (1.3.1)
    erubi (1.12.0)
    faraday (2.7.5)
      faraday-net_http (>= 2.0, < 3.1)
      ruby2_keywords (>= 0.0.4)
    faraday-net_http (3.0.2)
    faraday-retry (2.1.0)
      faraday (~> 2.0)
    ffi (1.15.5)
    ffi-compiler (1.0.1)
      ffi (>= 1.0.0)
      rake
    gapic-common (0.19.0)
      faraday (>= 1.9, < 3.a)
      faraday-retry (>= 1.0, < 3.a)
      google-protobuf (~> 3.14)
      googleapis-common-protos (>= 1.3.12, < 2.a)
      googleapis-common-protos-types (>= 1.3.1, < 2.a)
      googleauth (~> 1.0)
      grpc (~> 1.36)
    gke-auth-plugin-rb (0.1.0-x86_64-darwin)
    gli (2.21.0)
    google-cloud-container (1.3.0)
      google-cloud-container-v1 (>= 0.0, < 2.a)
      google-cloud-container-v1beta1 (>= 0.0, < 2.a)
      google-cloud-core (~> 1.6)
    google-cloud-container-v1 (0.21.1)
      gapic-common (>= 0.18.0, < 2.a)
      google-cloud-errors (~> 1.0)
    google-cloud-container-v1beta1 (0.21.1)
      gapic-common (>= 0.18.0, < 2.a)
      google-cloud-errors (~> 1.0)
    google-cloud-core (1.6.0)
      google-cloud-env (~> 1.0)
      google-cloud-errors (~> 1.0)
    google-cloud-env (1.6.0)
      faraday (>= 0.17.3, < 3.0)
    google-cloud-errors (1.3.1)
    google-protobuf (3.23.2-x86_64-darwin)
    googleapis-common-protos (1.4.0)
      google-protobuf (~> 3.14)
      googleapis-common-protos-types (~> 1.2)
      grpc (~> 1.27)
    googleapis-common-protos-types (1.6.0)
      google-protobuf (~> 3.14)
    googleauth (1.5.2)
      faraday (>= 0.17.3, < 3.a)
      jwt (>= 1.4, < 3.0)
      memoist (~> 0.16)
      multi_json (~> 1.11)
      os (>= 0.9, < 2.0)
      signet (>= 0.16, < 2.a)
    grpc (1.55.0-x86_64-darwin)
      google-protobuf (~> 3.23)
      googleapis-common-protos-types (~> 1.0)
    helm-cli (0.3.0)
      helm-rb (~> 0.1)
    helm-rb (0.2.1-x86_64-darwin)
    http (5.1.1)
      addressable (~> 2.8)
      http-cookie (~> 1.0)
      http-form_data (~> 2.2)
      llhttp-ffi (~> 0.4.0)
    http-accept (1.7.0)
    http-cookie (1.0.5)
      domain_name (~> 0.5)
    http-form_data (2.3.0)
    i18n (1.13.0)
      concurrent-ruby (~> 1.0)
    io-console (0.6.0)
    irb (1.6.4)
      reline (>= 0.3.0)
    jsonpath (1.1.3)
      multi_json
    jwt (2.7.0)
    krane (2.4.9)
      activesupport (>= 5.0)
      colorize (~> 0.8)
      concurrent-ruby (~> 1.1)
      ejson (~> 1.0)
      googleauth (~> 1.2)
      jsonpath (~> 1.0)
      kubeclient (~> 4.9)
      oj (~> 3.0)
      statsd-instrument (>= 2.8, < 4)
      thor (>= 1.0, < 2.0)
    kube-dsl (0.7.4)
      dry-inflector (~> 0.2)
    kubeclient (4.11.0)
      http (>= 3.0, < 6.0)
      jsonpath (~> 1.0)
      recursive-open-struct (~> 1.1, >= 1.1.1)
      rest-client (~> 2.0)
    kubectl-rb (0.2.1-x86_64-darwin)
    kubernetes-cli (0.5.0)
      kubectl-rb (~> 0.2)
    kuby-cert-manager (0.4.0)
      kube-dsl (~> 0.1)
    kuby-core (0.19.0)
      colorize (~> 0.8)
      docker-remote (~> 0.8)
      gli (~> 2.21)
      helm-cli (~> 0.3)
      krane (~> 2.0)
      kube-dsl (~> 0.7)
      kubernetes-cli (~> 0.4)
      kuby-cert-manager (~> 0.4)
      kuby-crdb (~> 0.2)
      railties (>= 5.1)
      rake
      rouge (~> 3.0)
    kuby-crdb (0.3.0)
      kube-dsl (~> 0.7)
    llhttp-ffi (0.4.0)
      ffi-compiler (~> 1.0)
      rake (~> 13.0)
    loofah (2.21.3)
      crass (~> 1.0.2)
      nokogiri (>= 1.12.0)
    memoist (0.16.2)
    method_source (1.0.0)
    mime-types (3.4.1)
      mime-types-data (~> 3.2015)
    mime-types-data (3.2023.0218.1)
    minitest (5.18.0)
    multi_json (1.15.0)
    netrc (0.11.0)
    nokogiri (1.15.2-x86_64-darwin)
      racc (~> 1.4)
    oj (3.14.3)
    os (1.1.4)
    public_suffix (5.0.1)
    racc (1.6.2)
    rack (2.2.7)
    rack-test (2.1.0)
      rack (>= 1.3)
    rails-dom-testing (2.0.3)
      activesupport (>= 4.2.0)
      nokogiri (>= 1.6)
    rails-html-sanitizer (1.6.0)
      loofah (~> 2.21)
      nokogiri (~> 1.14)
    railties (7.0.5)
      actionpack (= 7.0.5)
      activesupport (= 7.0.5)
      method_source
      rake (>= 12.2)
      thor (~> 1.0)
      zeitwerk (~> 2.5)
    rake (13.0.6)
    recursive-open-struct (1.1.3)
    reline (0.3.4)
      io-console (~> 0.5)
    rest-client (2.1.0)
      http-accept (>= 1.7.0, < 2.0)
      http-cookie (>= 1.0.2, < 2.0)
      mime-types (>= 1.16, < 4.0)
      netrc (~> 0.8)
    rouge (3.30.0)
    rspec (3.12.0)
      rspec-core (~> 3.12.0)
      rspec-expectations (~> 3.12.0)
      rspec-mocks (~> 3.12.0)
    rspec-core (3.12.2)
      rspec-support (~> 3.12.0)
    rspec-expectations (3.12.3)
      diff-lcs (>= 1.2.0, < 2.0)
      rspec-support (~> 3.12.0)
    rspec-mocks (3.12.5)
      diff-lcs (>= 1.2.0, < 2.0)
      rspec-support (~> 3.12.0)
    rspec-support (3.12.0)
    ruby2_keywords (0.0.5)
    signet (0.17.0)
      addressable (~> 2.8)
      faraday (>= 0.17.5, < 3.a)
      jwt (>= 1.5, < 3.0)
      multi_json (~> 1.10)
    statsd-instrument (3.5.9)
    thor (1.2.2)
    tzinfo (2.0.6)
      concurrent-ruby (~> 1.0)
    unf (0.1.4)
      unf_ext
    unf_ext (0.0.8.2)
    zeitwerk (2.6.8)

PLATFORMS
  x86_64-darwin-20

DEPENDENCIES
  debug
  kuby-core
  kuby-gke!
  rake
  rspec (~> 3.0)

BUNDLED WITH
   2.4.5
